GIT
  remote: https://github.com/faker-ruby/faker
  revision: e7c898c05306409cedf5b795a622a326ec87e279
  branch: master
  specs:
    faker (2.5.0)
      i18n (~> 1.6.0)

GEM
  remote: https://rubygems.org/
  specs:
    airbrussh (1.3.4)
      sshkit (>= 1.6.1, != 1.7.0)
    ast (2.4.0)
    capistrano (3.11.2)
      airbrussh (>= 1.0.0)
      i18n
      rake (>= 10.0.0)
      sshkit (>= 1.9.0)
    capistrano-bundler (1.6.0)
      capistrano (~> 3.1)
    capistrano-rvm (0.1.2)
      capistrano (~> 3.0)
      sshkit (~> 1.2)
    concurrent-ruby (1.1.5)
    diff-lcs (1.3)
    docile (1.3.2)
    i18n (1.6.0)
      concurrent-ruby (~> 1.0)
    jaro_winkler (1.5.3)
    json (2.2.0)
    mysql2 (0.5.2)
    net-scp (2.0.0)
      net-ssh (>= 2.6.5, < 6.0.0)
    net-ssh (5.2.0)
    parallel (1.17.0)
    parser (2.6.5.0)
      ast (~> 2.4.0)
    rainbow (3.0.0)
    rake (13.0.0)
    rspec (3.8.0)
      rspec-core (~> 3.8.0)
      rspec-expectations (~> 3.8.0)
      rspec-mocks (~> 3.8.0)
    rspec-core (3.8.2)
      rspec-support (~> 3.8.0)
    rspec-expectations (3.8.5)
      diff-lcs (>= 1.2.0, < 2.0)
      rspec-support (~> 3.8.0)
    rspec-mocks (3.8.2)
      diff-lcs (>= 1.2.0, < 2.0)
      rspec-support (~> 3.8.0)
    rspec-support (3.8.3)
    rubocop (0.75.0)
      jaro_winkler (~> 1.5.1)
      parallel (~> 1.10)
      parser (>= 2.6)
      rainbow (>= 2.2.2, < 4.0)
      ruby-progressbar (~> 1.7)
      unicode-display_width (>= 1.4.0, < 1.7)
    ruby-progressbar (1.10.1)
    sequel (5.25.0)
    simplecov (0.17.1)
      docile (~> 1.1)
      json (>= 1.8, < 3)
      simplecov-html (~> 0.10.0)
    simplecov-html (0.10.2)
    sshkit (1.20.0)
      net-scp (>= 1.1.2)
      net-ssh (>= 2.8.0)
    unicode-display_width (1.6.0)

PLATFORMS
  ruby

DEPENDENCIES
  capistrano (~> 3.7)
  capistrano-bundler (~> 1.2)
  capistrano-rvm
  concurrent-ruby
  faker!
  mysql2
  net-scp
  parallel
  rake
  rspec (~> 3.0)
  rubocop
  ruby-progressbar
  sequel
  simplecov

RUBY VERSION
   ruby 2.2.10p489

BUNDLED WITH
   1.17.3
